GEM
  remote: http://rubygems.org/
  specs:
    actionmailer (2.3.14)
      actionpack (= 2.3.14)
    actionpack (2.3.14)
      activesupport (= 2.3.14)
      rack (~> 1.1.0)
    activerecord (2.3.14)
      activesupport (= 2.3.14)
    activerecord-jdbc-adapter (1.2.1)
    activerecord-jdbcderby-adapter (1.2.1)
      activerecord-jdbc-adapter (~> 1.2.1)
      jdbc-derby (~> 10.6.0)
    activerecord-jdbcmssql-adapter (1.2.1)
      activerecord-jdbc-adapter (~> 1.2.1)
      jdbc-jtds (~> 1.2.0)
    activerecord-jdbcmysql-adapter (1.2.1)
      activerecord-jdbc-adapter (~> 1.2.1)
      jdbc-mysql (~> 5.1.0)
    activerecord-jdbcsqlite3-adapter (1.2.1)
      activerecord-jdbc-adapter (~> 1.2.1)
      jdbc-sqlite3 (~> 3.7.2)
    activeresource (2.3.14)
      activesupport (= 2.3.14)
    activesupport (2.3.14)
    jdbc-derby (10.6.2.1-java)
    jdbc-jtds (1.2.5-java)
    jdbc-mysql (5.1.13)
    jdbc-sqlite3 (3.7.2)
    jruby-jars (1.6.5)
    jruby-rack (1.1.1)
    rack (1.1.2)
    rails (2.3.14)
      actionmailer (= 2.3.14)
      actionpack (= 2.3.14)
      activerecord (= 2.3.14)
      activeresource (= 2.3.14)
      activesupport (= 2.3.14)
      rake (>= 0.8.3)
    rake (0.9.2.2)
    rubyzip (0.9.5)
    warbler (1.3.2)
      jruby-jars (>= 1.4.0)
      jruby-rack (>= 1.0.0)
      rake (>= 0.8.7)
      rubyzip (>= 0.9.4)

PLATFORMS
  java

DEPENDENCIES
  activerecord-jdbc-adapter
  activerecord-jdbcderby-adapter
  activerecord-jdbcmssql-adapter
  activerecord-jdbcmysql-adapter
  activerecord-jdbcsqlite3-adapter
  mysql2 (~> 0.2.6)
  rails (= 2.3.14)
  warbler
